PATH
  remote: .
  specs:
    revrise (0.0.2)
      json

GEM
  remote: http://rubygems.org/
  specs:
    addressable (2.2.6)
    crack (0.4.3)
      safe_yaml (~> 1.0.0)
    diff-lcs (1.1.3)
    json (2.2.0)
    rspec (2.10.0)
      rspec-core (~> 2.10.0)
      rspec-expectations (~> 2.10.0)
      rspec-mocks (~> 2.10.0)
    rspec-core (2.10.0)
    rspec-expectations (2.10.0)
      diff-lcs (~> 1.1.3)
    rspec-mocks (2.10.1)
    safe_yaml (1.0.5)
    vcr (1.11.3)
    webmock (1.7.10)
      addressable (~> 2.2, > 2.2.5)
      crack (>= 0.1.7)

PLATFORMS
  ruby

DEPENDENCIES
  revrise!
  rspec (>= 2.10.0)
  vcr
  webmock
